GEM
  remote: https://rubygems.org/
  specs:
    activesupport (7.0.4.1)
      concurrent-ruby (~> 1.0, >= 1.0.2)
      i18n (>= 1.6, < 2)
      minitest (>= 5.1)
      tzinfo (~> 2.0)
    addressable (2.8.0)
      public_suffix (>= 2.0.2, < 5.0)
    anvil-cli (0.16.0)
      progress (~> 2.4.0)
      rest-client (~> 1.8.0)
      thor (~> 0.15.2)
    concurrent-ruby (1.1.10)
    crack (0.4.0)
      safe_yaml (~> 0.9.0)
    diff-lcs (1.1.3)
    excon (0.71.0)
    heroku-api (0.3.13)
      excon (~> 0.71.0)
    heroku_hatchet (1.0.0)
      activesupport
      anvil-cli
      excon
      heroku-api
      repl_runner
      rrrretry
      thor
    i18n (1.12.0)
      concurrent-ruby (~> 1.0)
    mime-types (1.23)
    minitest (5.17.0)
    parallel (0.6.5)
    parallel_tests (0.13.1)
      parallel
    progress (2.4.0)
    public_suffix (4.0.6)
    rake (12.3.3)
    repl_runner (0.0.1)
      activesupport
    rest-client (1.8.0)
      mime-types (>= 1.16)
    rrrretry (0.0.1)
    rspec (2.2.0)
      rspec-core (~> 2.2)
      rspec-expectations (~> 2.2)
      rspec-mocks (~> 2.2)
    rspec-core (2.13.1)
    rspec-expectations (2.12.1)
      diff-lcs (~> 1.1.3)
    rspec-mocks (2.13.1)
    rspec-retry (0.2.1)
      rspec
    safe_yaml (0.9.3)
    thor (0.15.4)
    tzinfo (2.0.5)
      concurrent-ruby (~> 1.0)
    webmock (1.11.0)
      addressable (>= 2.2.7)
      crack (>= 0.3.2)

PLATFORMS
  ruby

DEPENDENCIES
  excon
  heroku_hatchet
  parallel_tests
  rake
  rspec-core
  rspec-expectations
  rspec-retry
  webmock
